GEM
  remote: http://rubygems.org/
  specs:
    contest (0.1.3)

PLATFORMS
  ruby

DEPENDENCIES
  contest (~> 0.1.3)
